PATH
  remote: /Users/tcmacdonald/Sites/ample_admin
  specs:
    ample_admin (0.2.0)
      acts_as_indexed
      acts_as_markup (~> 1.3.4)
      capistrano
      devise
      devise
      dragonfly (~> 0.9.4)
      jquery-rails (>= 0.2.6)
      mechanize
      nokogiri
      permalink_fu
      rack-cache
      rails (~> 3.1.0.rc4)
      rmagick (~> 2.12.2)
      will_paginate

PATH
  remote: vendor/gems/will_paginate
  specs:
    will_paginate (3.0.pre3)

GEM
  remote: http://rubygems.org/
  specs:
    RedCloth (4.2.9)
    actionmailer (3.1.2.rc2)
      actionpack (= 3.1.2.rc2)
      mail (~> 2.3.0)
    actionpack (3.1.2.rc2)
      activemodel (= 3.1.2.rc2)
      activesupport (= 3.1.2.rc2)
      builder (~> 3.0.0)
      erubis (~> 2.7.0)
      i18n (~> 0.6)
      rack (~> 1.3.5)
      rack-cache (~> 1.1)
      rack-mount (~> 0.8.2)
      rack-test (~> 0.6.1)
      sprockets (~> 2.1.0)
    activemodel (3.1.2.rc2)
      activesupport (= 3.1.2.rc2)
      builder (~> 3.0.0)
      i18n (~> 0.6)
    activerecord (3.1.2.rc2)
      activemodel (= 3.1.2.rc2)
      activesupport (= 3.1.2.rc2)
      arel (~> 2.2.1)
      tzinfo (~> 0.3.29)
    activeresource (3.1.2.rc2)
      activemodel (= 3.1.2.rc2)
      activesupport (= 3.1.2.rc2)
    activesupport (3.1.2.rc2)
      multi_json (~> 1.0)
    acts_as_indexed (0.7.7)
    acts_as_markup (1.3.4)
      RedCloth (~> 4.2)
      activerecord (>= 2.3.2)
      activesupport (>= 2.3.2)
      rdiscount (~> 1.3)
      wikitext (~> 2.0)
    addressable (2.2.6)
    ansi (1.4.1)
    arel (2.2.1)
    bcrypt-ruby (3.0.1)
    builder (3.0.0)
    capistrano (2.9.0)
      highline
      net-scp (>= 1.0.0)
      net-sftp (>= 2.0.0)
      net-ssh (>= 2.0.14)
      net-ssh-gateway (>= 1.1.0)
    capybara (1.1.2)
      mime-types (>= 1.16)
      nokogiri (>= 1.3.3)
      rack (>= 1.0.0)
      rack-test (>= 0.5.4)
      selenium-webdriver (~> 2.0)
      xpath (~> 0.1.4)
    childprocess (0.2.2)
      ffi (~> 1.0.6)
    coderay (0.9.8)
    coffee-rails (3.1.1)
      coffee-script (>= 2.2.0)
      railties (~> 3.1.0)
    coffee-script (2.2.0)
      coffee-script-source
      execjs
    coffee-script-source (1.1.3)
    devise (1.5.0)
      bcrypt-ruby (~> 3.0)
      orm_adapter (~> 0.0.3)
      warden (~> 1.1)
    dragonfly (0.9.8)
      rack
    erubis (2.7.0)
    execjs (1.2.9)
      multi_json (~> 1.0)
    ffi (1.0.11)
    highline (1.6.8)
    hike (1.2.1)
    i18n (0.6.0)
    jquery-rails (1.0.19)
      railties (~> 3.0)
      thor (~> 0.14)
    json (1.6.2)
    json_pure (1.6.1)
    launchy (2.0.5)
      addressable (~> 2.2.6)
    mail (2.3.0)
      i18n (>= 0.4.0)
      mime-types (~> 1.16)
      treetop (~> 1.4.8)
    mechanize (2.0.1)
      net-http-digest_auth (>= 1.1.1, ~> 1.1)
      net-http-persistent (~> 1.8)
      nokogiri (~> 1.4)
      webrobots (>= 0.0.9, ~> 0.0)
    method_source (0.6.7)
      ruby_parser (>= 2.3.1)
    mime-types (1.17.2)
    multi_json (1.0.4)
    net-http-digest_auth (1.2)
    net-http-persistent (1.9)
    net-scp (1.0.4)
      net-ssh (>= 1.99.1)
    net-sftp (2.0.5)
      net-ssh (>= 2.0.9)
    net-ssh (2.2.1)
    net-ssh-gateway (1.1.0)
      net-ssh (>= 1.99.1)
    nokogiri (1.5.0)
    orm_adapter (0.0.5)
    permalink_fu (1.0.0)
    polyglot (0.3.3)
    pry (0.9.7.4)
      coderay (~> 0.9.8)
      method_source (~> 0.6.7)
      ruby_parser (>= 2.3.1)
      slop (~> 2.1.0)
    rack (1.3.5)
    rack-cache (1.1)
      rack (>= 0.4)
    rack-mount (0.8.3)
      rack (>= 1.0.0)
    rack-ssl (1.3.2)
      rack
    rack-test (0.6.1)
      rack (>= 1.0)
    rails (3.1.2.rc2)
      actionmailer (= 3.1.2.rc2)
      actionpack (= 3.1.2.rc2)
      activerecord (= 3.1.2.rc2)
      activeresource (= 3.1.2.rc2)
      activesupport (= 3.1.2.rc2)
      bundler (~> 1.0)
      railties (= 3.1.2.rc2)
    railties (3.1.2.rc2)
      actionpack (= 3.1.2.rc2)
      activesupport (= 3.1.2.rc2)
      rack-ssl (~> 1.3.2)
      rake (>= 0.8.7)
      rdoc (~> 3.4)
      thor (~> 0.14.6)
    rake (0.9.2.2)
    rdiscount (1.6.8)
    rdoc (3.11)
      json (~> 1.4)
    rmagick (2.12.2)
    ruby_parser (2.3.1)
      sexp_processor (~> 3.0)
    rubyzip (0.9.4)
    sass (3.1.11)
    sass-rails (3.1.5)
      actionpack (~> 3.1.0)
      railties (~> 3.1.0)
      sass (~> 3.1.10)
      tilt (~> 1.3.2)
    selenium-webdriver (2.12.2)
      childprocess (>= 0.2.1)
      ffi (~> 1.0.9)
      json_pure
      rubyzip
    sexp_processor (3.0.7)
    shoulda (3.0.0.beta2)
      shoulda-context (~> 1.0.0.beta1)
      shoulda-matchers (~> 1.0.0.beta1)
    shoulda-context (1.0.0)
    shoulda-matchers (1.0.0)
    slop (2.1.0)
    sprockets (2.1.2)
      hike (~> 1.2)
      rack (~> 1.0)
      tilt (~> 1.1, != 1.3.0)
    sqlite3 (1.3.4)
    thor (0.14.6)
    tilt (1.3.3)
    treetop (1.4.10)
      polyglot
      polyglot (>= 0.3.1)
    turn (0.8.2)
      ansi (>= 1.2.2)
    tzinfo (0.3.31)
    uglifier (1.1.0)
      execjs (>= 0.3.0)
      multi_json (>= 1.0.2)
    warden (1.1.0)
      rack (>= 1.0)
    webrobots (0.0.12)
      nokogiri (>= 1.4.4)
    wikitext (2.1.1)
    xpath (0.1.4)
      nokogiri (~> 1.3)

PLATFORMS
  ruby

DEPENDENCIES
  ample_admin!
  capybara
  coffee-rails (~> 3.1.1)
  devise
  jquery-rails
  launchy
  pry
  rails (= 3.1.2.rc2)
  sass-rails (~> 3.1.5.rc.2)
  shoulda (>= 3.0.0.beta)
  sqlite3
  turn (= 0.8.2)
  uglifier (>= 1.0.3)
  will_paginate!
